GEM
  remote: https://rubygems.org/
  specs:
    coderay (1.1.2)
    daemons (1.3.1)
    eventmachine (1.2.7)
    json (2.3.0)
    method_source (0.9.2)
    minitest (5.14.0)
    pry (0.12.2)
      coderay (~> 1.1.0)
      method_source (~> 0.9.0)
    rack (2.2.6.2)
    rack-test (1.1.0)
      rack (>= 1.0, < 3)
    rake (13.0.1)
    recaptcha (5.3.0)
      json
    roda (3.28.0)
      rack
    sequel (5.29.0)
    slim (4.0.1)
      temple (>= 0.7.6, < 0.9)
      tilt (>= 2.0.6, < 2.1)
    sqlite3 (1.4.2)
    temple (0.8.2)
    thin (1.7.2)
      daemons (~> 1.0, >= 1.0.9)
      eventmachine (~> 1.0, >= 1.0.4)
      rack (>= 1, < 3)
    tilt (2.0.10)

PLATFORMS
  ruby

DEPENDENCIES
  minitest
  pry
  rack-test
  rake
  recaptcha
  roda
  sequel
  slim
  sqlite3
  thin

BUNDLED WITH
   2.0.2
